GEM
  specs:
    sqlite3 (1.3.13)

PLATFORMS
  ruby

DEPENDENCIES
  sqlite3 (~> 1.3, >= 1.3.11)

BUNDLED WITH
   1.14.3
